PATH
  remote: .
  specs:
    github (0.6.0)
      highline (~> 1.5.1)
      json (~> 1.4.6)
      launchy (~> 0.3.7)
      mime-types (= 1.16)
      text-format (= 1.0.0)
      xml-simple (= 1.0.14)

GEM
  remote: http://rubygems.org/
  specs:
    activerecord (2.3.10)
      activesupport (= 2.3.10)
    activesupport (2.3.10)
    configuration (1.2.0)
    highline (1.5.2)
    json (1.4.6)
    launchy (0.3.7)
      configuration (>= 0.0.5)
      rake (>= 0.8.1)
    mime-types (1.16)
    rake (0.8.7)
    rspec (1.3.1)
    text-format (1.0.0)
      text-hyphen (~> 1.0.0)
    text-hyphen (1.0.0)
    xml-simple (1.0.14)

PLATFORMS
  ruby

DEPENDENCIES
  activerecord (~> 2.3.10)
  github!
  rake
  rspec (~> 1.3.1)
